GEM
  remote: https://rubygems.org/
  specs:
    concurrent-ruby (1.0.5)
    declarative (0.0.9)
    declarative-builder (0.1.0)
      declarative-option (< 0.2.0)
    declarative-option (0.1.0)
    disposable (0.4.3)
      declarative (>= 0.0.9, < 1.0.0)
      declarative-builder (< 0.2.0)
      declarative-option (< 0.2.0)
      representable (>= 2.4.0, <= 3.1.0)
      uber (< 0.2.0)
    dry-configurable (0.7.0)
      concurrent-ruby (~> 1.0)
    dry-container (0.6.0)
      concurrent-ruby (~> 1.0)
      dry-configurable (~> 0.1, >= 0.1.3)
    dry-core (0.3.1)
      concurrent-ruby (~> 1.0)
    dry-equalizer (0.2.0)
    dry-logic (0.4.1)
      dry-container (~> 0.2, >= 0.2.6)
      dry-core (~> 0.2)
      dry-equalizer (~> 0.2)
    dry-types (0.11.0)
      concurrent-ruby (~> 1.0)
      dry-configurable (~> 0.1)
      dry-container (~> 0.3)
      dry-core (~> 0.2, >= 0.2.1)
      dry-equalizer (~> 0.2)
      dry-logic (~> 0.4, >= 0.4.0)
      inflecto (~> 0.0.0, >= 0.0.2)
    dry-validation (0.11.0)
      concurrent-ruby (~> 1.0)
      dry-configurable (~> 0.1, >= 0.1.3)
      dry-core (~> 0.2, >= 0.2.1)
      dry-equalizer (~> 0.2)
      dry-logic (~> 0.4, >= 0.4.0)
      dry-types (~> 0.11.0)
    enumerable-lazy (0.0.2)
    i18n (0.8.6)
    inflecto (0.0.2)
    mail (2.6.6)
      mime-types (>= 1.16, < 4)
    mime-types (2.99.3)
    moneta (0.8.1)
    mustermann (1.0.0)
    mustermann19 (0.4.4)
      enumerable-lazy
    padrino (0.14.0.1)
      padrino-admin (= 0.14.0.1)
      padrino-cache (= 0.14.0.1)
      padrino-core (= 0.14.0.1)
      padrino-gen (= 0.14.0.1)
      padrino-helpers (= 0.14.0.1)
      padrino-mailer (= 0.14.0.1)
      padrino-support (= 0.14.0.1)
    padrino-admin (0.14.0.1)
      padrino-core (= 0.14.0.1)
      padrino-helpers (= 0.14.0.1)
    padrino-cache (0.14.0.1)
      moneta (~> 0.8.0)
      padrino-core (= 0.14.0.1)
      padrino-helpers (= 0.14.0.1)
    padrino-core (0.14.0.1)
      mustermann19
      padrino-support (= 0.14.0.1)
      rack-protection (>= 1.5.0)
      sinatra (>= 1.4.6)
      thor (~> 0.18)
    padrino-gen (0.14.0.1)
      bundler (~> 1.0)
      padrino-core (= 0.14.0.1)
    padrino-helpers (0.14.0.1)
      i18n (~> 0.6, >= 0.6.7)
      padrino-support (= 0.14.0.1)
      tilt (>= 1.4.1, < 3)
    padrino-mailer (0.14.0.1)
      mail (~> 2.5)
      mime-types (< 3)
      padrino-core (= 0.14.0.1)
    padrino-support (0.14.0.1)
    rack (2.0.3)
    rack-protection (2.0.0)
      rack
    rake (12.0.0)
    reform (2.2.4)
      disposable (>= 0.4.1)
      representable (>= 2.4.0, < 3.1.0)
    representable (3.0.4)
      declarative (< 0.1.0)
      declarative-option (< 0.2.0)
      uber (< 0.2.0)
    sinatra (2.0.0)
      mustermann (~> 1.0)
      rack (~> 2.0)
      rack-protection (= 2.0.0)
      tilt (~> 2.0)
    thor (0.19.4)
    tilt (2.0.7)
    uber (0.1.0)

PLATFORMS
  ruby

DEPENDENCIES
  dry-validation
  padrino (= 0.14.0.1)
  rake
  reform

BUNDLED WITH
   1.14.6
